GEM
  remote: https://rubygems.org/
  specs:
    actionmailer (4.2.2)
      actionpack (= 4.2.2)
      actionview (= 4.2.2)
      activejob (= 4.2.2)
      mail (~> 2.5, >= 2.5.4)
      rails-dom-testing (~> 1.0, >= 1.0.5)
    actionpack (4.2.2)
      actionview (= 4.2.2)
      activesupport (= 4.2.2)
      rack (~> 1.6)
      rack-test (~> 0.6.2)
      rails-dom-testing (~> 1.0, >= 1.0.5)
      rails-html-sanitizer (~> 1.0, >= 1.0.1)
    actionview (4.2.2)
      activesupport (= 4.2.2)
      builder (~> 3.1)
      erubis (~> 2.7.0)
      rails-dom-testing (~> 1.0, >= 1.0.5)
      rails-html-sanitizer (~> 1.0, >= 1.0.1)
    activejob (4.2.2)
      activesupport (= 4.2.2)
      globalid (>= 0.3.0)
    activemodel (4.2.2)
      activesupport (= 4.2.2)
      builder (~> 3.1)
    activerecord (4.2.2)
      activemodel (= 4.2.2)
      activesupport (= 4.2.2)
      arel (~> 6.0)
    activesupport (4.2.2)
      i18n (~> 0.7)
      json (~> 1.7, >= 1.7.7)
      minitest (~> 5.1)
      thread_safe (~> 0.3, >= 0.3.4)
      tzinfo (~> 1.1)
    ancestry (2.1.0)
      activerecord (>= 3.0.0)
    arel (6.0.0)
    builder (3.2.2)
    capybara (2.4.4)
      mime-types (>= 1.16)
      nokogiri (>= 1.3.3)
      rack (>= 1.0.0)
      rack-test (>= 0.5.4)
      xpath (~> 2.0)
    cliver (0.3.2)
    coffee-rails (4.0.1)
      coffee-script (>= 2.2.0)
      railties (>= 4.0.0, < 5.0)
    coffee-script (2.4.1)
      coffee-script-source
      execjs
    coffee-script-source (1.9.1.1)
    diff-lcs (1.2.5)
    erubis (2.7.0)
    execjs (2.5.2)
    font-awesome-rails (4.3.0.0)
      railties (>= 3.2, < 5.0)
    foreman (0.78.0)
      thor (~> 0.19.1)
    foundation-rails (5.5.2.1)
      railties (>= 3.1.0)
      sass (>= 3.3.0, < 3.5)
    globalid (0.3.5)
      activesupport (>= 4.1.0)
    haml (4.0.6)
      tilt
    httparty (0.13.5)
      json (~> 1.8)
      multi_xml (>= 0.5.2)
    i18n (0.7.0)
    jbuilder (2.2.16)
      activesupport (>= 3.0.0, < 5)
      multi_json (~> 1.2)
    jquery-rails (3.1.2)
      railties (>= 3.0, < 5.0)
      thor (>= 0.14, < 2.0)
    jquery-ui-rails (5.0.5)
      railties (>= 3.2.16)
    json (1.8.3)
    kaminari (0.16.3)
      actionpack (>= 3.0.0)
      activesupport (>= 3.0.0)
    loofah (2.0.2)
      nokogiri (>= 1.5.9)
    mail (2.6.3)
      mime-types (>= 1.16, < 3)
    mime-types (2.6.1)
    mini_portile (0.6.2)
    minitest (5.7.0)
    multi_json (1.11.1)
    multi_xml (0.5.5)
    nested_form (0.3.2)
    nokogiri (1.6.6.2)
      mini_portile (~> 0.6.0)
    poltergeist (1.6.0)
      capybara (~> 2.1)
      cliver (~> 0.3.1)
      multi_json (~> 1.0)
      websocket-driver (>= 0.2.0)
    rack (1.6.4)
    rack-pjax (0.8.0)
      nokogiri (~> 1.5)
      rack (~> 1.1)
    rack-test (0.6.3)
      rack (>= 1.0)
    rails (4.2.2)
      actionmailer (= 4.2.2)
      actionpack (= 4.2.2)
      actionview (= 4.2.2)
      activejob (= 4.2.2)
      activemodel (= 4.2.2)
      activerecord (= 4.2.2)
      activesupport (= 4.2.2)
      bundler (>= 1.3.0, < 2.0)
      railties (= 4.2.2)
      sprockets-rails
    rails-deprecated_sanitizer (1.0.3)
      activesupport (>= 4.2.0.alpha)
    rails-dom-testing (1.0.6)
      activesupport (>= 4.2.0.beta, < 5.0)
      nokogiri (~> 1.6.0)
      rails-deprecated_sanitizer (>= 1.0.1)
    rails-html-sanitizer (1.0.2)
      loofah (~> 2.0)
    rails_admin (0.6.7)
      builder (~> 3.1)
      coffee-rails (~> 4.0)
      font-awesome-rails (>= 3.0, < 5)
      haml (~> 4.0)
      jquery-rails (>= 3.0, < 5)
      jquery-ui-rails (~> 5.0)
      kaminari (~> 0.14)
      nested_form (~> 0.3)
      rack-pjax (~> 0.7)
      rails (~> 4.0)
      remotipart (~> 1.0)
      safe_yaml (~> 1.0)
      sass-rails (>= 4.0, < 6)
    railties (4.2.2)
      actionpack (= 4.2.2)
      activesupport (= 4.2.2)
      rake (>= 0.8.7)
      thor (>= 0.18.1, < 2.0)
    rake (10.4.2)
    remotipart (1.2.1)
    rspec (3.2.0)
      rspec-core (~> 3.2.0)
      rspec-expectations (~> 3.2.0)
      rspec-mocks (~> 3.2.0)
    rspec-core (3.2.3)
      rspec-support (~> 3.2.0)
    rspec-expectations (3.2.1)
      diff-lcs (>= 1.2.0, < 2.0)
      rspec-support (~> 3.2.0)
    rspec-mocks (3.2.1)
      diff-lcs (>= 1.2.0, < 2.0)
      rspec-support (~> 3.2.0)
    rspec-rails (3.2.1)
      actionpack (>= 3.0, < 4.3)
      activesupport (>= 3.0, < 4.3)
      railties (>= 3.0, < 4.3)
      rspec-core (~> 3.2.0)
      rspec-expectations (~> 3.2.0)
      rspec-mocks (~> 3.2.0)
      rspec-support (~> 3.2.0)
    rspec-support (3.2.2)
    safe_yaml (1.0.4)
    sass (3.4.14)
    sass-rails (5.0.3)
      railties (>= 4.0.0, < 5.0)
      sass (~> 3.1)
      sprockets (>= 2.8, < 4.0)
      sprockets-rails (>= 2.0, < 4.0)
      tilt (~> 1.1)
    spring (1.3.6)
    sprockets (3.2.0)
      rack (~> 1.0)
    sprockets-rails (2.3.2)
      actionpack (>= 3.0)
      activesupport (>= 3.0)
      sprockets (>= 2.8, < 4.0)
    sqlite3 (1.3.10)
    thor (0.19.1)
    thread_safe (0.3.5)
    tilt (1.4.1)
    tzinfo (1.2.2)
      thread_safe (~> 0.1)
    uglifier (2.7.1)
      execjs (>= 0.3.0)
      json (>= 1.8.0)
    websocket-driver (0.5.4)
      websocket-extensions (>= 0.1.0)
    websocket-extensions (0.1.2)
    xpath (2.0.0)
      nokogiri (~> 1.3)

PLATFORMS
  ruby

DEPENDENCIES
  ancestry
  capybara
  foreman
  foundation-rails
  httparty
  jbuilder (~> 2.0)
  poltergeist
  rails (= 4.2.2)
  rails_admin
  rspec
  rspec-rails
  sass-rails
  spring
  sprockets (>= 3.0.0)
  sqlite3
  uglifier (>= 1.3.0)
